PATH
  remote: .
  specs:
    compass-core (1.0.2)
      multi_json (~> 1.0)
      sass (>= 3.3.0, < 3.5)

GEM
  remote: https://rubygems.org/
  specs:
    coderay (1.1.0)
    diff-lcs (1.1.3)
    method_source (0.8.2)
    multi_json (1.11.2)
    power_assert (0.2.7)
    pry (0.10.3)
      coderay (~> 1.1.0)
      method_source (~> 0.8.1)
      slop (~> 3.4)
    rake (10.5.0)
    sass (3.4.21)
    slop (3.6.0)
    test-unit (3.0.9)
      power_assert
    timecop (0.5.9.2)
    true (0.2.3)
      sass (>= 3.3.0, < 3.5)

PLATFORMS
  ruby

DEPENDENCIES
  bundler
  compass-core!
  diff-lcs (~> 1.1.2)
  pry
  rake
  test-unit (~> 3.0.9)
  timecop (~> 0.5.9.2)
  true (~> 0.2.3)

BUNDLED WITH
   1.11.2
